GEM
  remote: http://rubygems.org/
  specs:
    slyphon-zookeeper (0.3.0)
    zk (0.8.7)
      slyphon-zookeeper (~> 0.3.0)

PLATFORMS
  ruby

DEPENDENCIES
  zk
